GEM
  remote: https://rubygems.org/
  specs:
    haml (4.0.2)
      tilt
    kgio (2.8.0)
    rack (1.5.2)
    rack-gauges (1.1.0)
    rack-protection (1.5.0)
      rack
    rack-typekit (0.2.0)
      rack (>= 1.2.0, <= 2.0.0)
    raindrops (0.11.0)
    redcarpet (2.2.2)
    sinatra (1.4.2)
      rack (~> 1.5, >= 1.5.2)
      rack-protection (~> 1.4)
      tilt (~> 1.3, >= 1.3.4)
    tilt (1.4.1)
    unicorn (4.6.2)
      kgio (~> 2.6)
      rack
      raindrops (~> 0.7)

PLATFORMS
  ruby

DEPENDENCIES
  haml
  rack-gauges
  rack-typekit
  redcarpet
  sinatra
  unicorn
